GEM
  remote: https://rubygems.org/
  specs:
    ProMotion (1.2.1)
      methadone (~> 1.3)
      motion-require (~> 0.2)
    methadone (1.4.0)
      bundler
    motion-require (0.2.0)
    rake (10.3.2)
    sugarcube (1.6.3)

PLATFORMS
  ruby

DEPENDENCIES
  ProMotion
  rake
  sugarcube
